GIT
  remote: git://github.com/rails/rails.git
  revision: 76a15dd0599779f86bda063bb545bba68c6ff17b
  specs:
    actionmailer (3.1.0.beta)
      actionpack (= 3.1.0.beta)
      mail (~> 2.2.9)
    actionpack (3.1.0.beta)
      activemodel (= 3.1.0.beta)
      activesupport (= 3.1.0.beta)
      builder (~> 3.0.0)
      erubis (~> 2.6.6)
      i18n (~> 0.4.2)
      rack (~> 1.2.1)
      rack-cache (~> 0.5.3)
      rack-mount (~> 0.6.13)
      rack-test (~> 0.5.6)
      tzinfo (~> 0.3.23)
    activemodel (3.1.0.beta)
      activesupport (= 3.1.0.beta)
      builder (~> 3.0.0)
      i18n (~> 0.4.2)
    activerecord (3.1.0.beta)
      activemodel (= 3.1.0.beta)
      activesupport (= 3.1.0.beta)
      arel (~> 2.0.2)
      tzinfo (~> 0.3.23)
    activeresource (3.1.0.beta)
      activemodel (= 3.1.0.beta)
      activesupport (= 3.1.0.beta)
    activesupport (3.1.0.beta)
    rails (3.1.0.beta)
      actionmailer (= 3.1.0.beta)
      actionpack (= 3.1.0.beta)
      activerecord (= 3.1.0.beta)
      activeresource (= 3.1.0.beta)
      activesupport (= 3.1.0.beta)
      bundler (~> 1.0)
      railties (= 3.1.0.beta)
    railties (3.1.0.beta)
      actionpack (= 3.1.0.beta)
      activesupport (= 3.1.0.beta)
      rake (>= 0.8.7)
      thor (~> 0.14.4)

GIT
  remote: https://github.com/rack/rack.git
  revision: 85ca454e6143a3081d90e4546ccad602a4c3ad2e
  specs:
    rack (1.2.1)

GIT
  remote: https://github.com/rtomayko/rack-cache.git
  revision: 428ac19e727fdff3ace20d1727129c689d65ff4d
  specs:
    rack-cache (0.5.3)
      rack (>= 0.4)

GEM
  remote: http://rubygems.org/
  specs:
    SystemTimer (1.2.1)
    abstract (1.0.0)
    arel (2.0.4)
    builder (3.0.0)
    diff-lcs (1.1.2)
    erubis (2.6.6)
      abstract (>= 1.0.0)
    factory_girl (2.0.0.beta1)
    i18n (0.4.2)
    jquery-rails (0.2.5)
      rails (~> 3.0)
      thor (~> 0.14.4)
    json (1.4.6)
    mail (2.2.10)
      activesupport (>= 2.3.6)
      i18n (~> 0.4.1)
      mime-types (~> 1.16)
      treetop (~> 1.4.8)
    mime-types (1.16)
    polyglot (0.3.1)
    rack-mount (0.6.13)
      rack (>= 1.0.0)
    rack-test (0.5.6)
      rack (>= 1.0)
    rake (0.8.7)
    redis (2.1.1)
    redis-namespace (0.8.0)
      redis (< 3.0.0)
    resque (1.10.0)
      json (~> 1.4.6)
      redis-namespace (~> 0.8.0)
      sinatra (>= 0.9.2)
      vegas (~> 0.1.2)
    resque-scheduler (1.9.7)
      redis (>= 2.0.1)
      resque (>= 1.8.0)
      rufus-scheduler
    rspec (2.1.0)
      rspec-core (~> 2.1.0)
      rspec-expectations (~> 2.1.0)
      rspec-mocks (~> 2.1.0)
    rspec-core (2.1.0)
    rspec-expectations (2.1.0)
      diff-lcs (~> 1.1.2)
    rspec-mocks (2.1.0)
    rspec-rails (2.1.0)
      rspec (~> 2.1.0)
    rufus-scheduler (2.0.7)
      tzinfo
    sinatra (1.1.0)
      rack (~> 1.1)
      tilt (~> 1.1)
    sqlite3-ruby (1.3.2)
    thor (0.14.6)
    tilt (1.1)
    treetop (1.4.9)
      polyglot (>= 0.3.1)
    tzinfo (0.3.23)
    vegas (0.1.8)
      rack (>= 1.0.0)

PLATFORMS
  ruby

DEPENDENCIES
  SystemTimer
  factory_girl (~> 2.0.0.beta1)
  jquery-rails
  rack!
  rack-cache!
  rails!
  resque
  resque-scheduler
  rspec-rails
  sqlite3-ruby
